GEM
  remote: http://rubygems.org/
  specs:
    ffi (1.0.9)
    nice-ffi (0.4)
      ffi (>= 0.5.0)
    rake (0.9.2)
    rsdl (0.1.4)
    ruby-sdl-ffi (0.4)
      nice-ffi (>= 0.2)
    rubygame (2.6.4)
      rake (>= 0.7.0)
      ruby-sdl-ffi (>= 0.1.0)

PLATFORMS
  ruby

DEPENDENCIES
  rsdl
  rubygame
